GIT
  remote: https://github.com/carrierwaveuploader/carrierwave.git
  revision: 75e95b54ddbb3022cc7f9dd083a273dcd79be564
  specs:
    carrierwave (1.0.0)
      activemodel (>= 4.0.0)
      activesupport (>= 4.0.0)
      mime-types (>= 1.16)

GIT
  remote: https://github.com/decioferreira/omniauth-linkedin-oauth2
  revision: c7422a87ce5ab441c33ecd6bf52594857667b074
  specs:
    omniauth-linkedin-oauth2 (0.1.5)
      omniauth (~> 1.0)
      omniauth-oauth2

GIT
  remote: https://github.com/gauravtiwari/omniauth-medium.git
  revision: a708706e1f0f5e77543d25e75f928c1942f303ca
  specs:
    omniauth-medium (0.1.1)
      omniauth-oauth2 (~> 1.0)

GIT
  remote: https://github.com/gauravtiwari/omniauth-producthunt.git
  revision: 54967389ca51826aae63eeda120e52f1ee3ca53b
  specs:
    omniauth-producthunt (0.0.2)
      omniauth-oauth2

GIT
  remote: https://github.com/gauravtiwari/omniauth-stackexchange.git
  revision: 11b776d79db4c86cdf585f6806eda3d1e0fe5aee
  specs:
    omniauth-stackexchange (0.2.1)
      omniauth (~> 1.0)
      omniauth-oauth2 (~> 1.0)

GIT
  remote: https://github.com/romanbsd/heroku-deflater.git
  revision: 8ca836cfc5160e63a51993e66489b20935fc418b
  specs:
    heroku-deflater (0.6.3)
      rack (>= 1.4.5)

GEM
  remote: https://rubygems.org/
  specs:
    actioncable (5.1.0.beta1)
      actionpack (= 5.1.0.beta1)
      nio4r (~> 2.0)
      websocket-driver (~> 0.6.1)
    actionmailer (5.1.0.beta1)
      actionpack (= 5.1.0.beta1)
      actionview (= 5.1.0.beta1)
      activejob (= 5.1.0.beta1)
      mail (~> 2.5, >= 2.5.4)
      rails-dom-testing (~> 2.0)
    actionpack (5.1.0.beta1)
      actionview (= 5.1.0.beta1)
      activesupport (= 5.1.0.beta1)
      rack (~> 2.0)
      rack-test (~> 0.6.3)
      rails-dom-testing (~> 2.0)
      rails-html-sanitizer (~> 1.0, >= 1.0.2)
    actionview (5.1.0.beta1)
      activesupport (= 5.1.0.beta1)
      builder (~> 3.1)
      erubi (~> 1.4)
      rails-dom-testing (~> 2.0)
      rails-html-sanitizer (~> 1.0, >= 1.0.3)
    activejob (5.1.0.beta1)
      activesupport (= 5.1.0.beta1)
      globalid (>= 0.3.6)
    activemodel (5.1.0.beta1)
      activesupport (= 5.1.0.beta1)
    activerecord (5.1.0.beta1)
      activemodel (= 5.1.0.beta1)
      activesupport (= 5.1.0.beta1)
      arel (~> 8.0)
    activesupport (5.1.0.beta1)
      concurrent-ruby (~> 1.0, >= 1.0.2)
      i18n (~> 0.7)
      minitest (~> 5.1)
      tzinfo (~> 1.1)
    addressable (2.5.0)
      public_suffix (~> 2.0, >= 2.0.2)
    arel (8.0.0)
    ast (2.3.0)
    awesome_print (1.7.0)
    bcrypt (3.1.11)
    builder (3.2.3)
    coderay (1.1.1)
    concurrent-ruby (1.0.5)
    connection_pool (2.2.1)
    dalli (2.7.6)
    devise (4.2.1)
      bcrypt (~> 3.0)
      orm_adapter (~> 0.1)
      railties (>= 4.1.0, < 5.1)
      responders
      warden (~> 1.2.3)
    domain_name (0.5.20170223)
      unf (>= 0.0.5, < 1.0.0)
    erubi (1.6.0)
    ethon (0.10.1)
      ffi (>= 1.3.0)
    excon (0.55.0)
    execjs (2.7.0)
    faraday (0.11.0)
      multipart-post (>= 1.2, < 3)
    ffi (1.9.18)
    figaro (1.1.1)
      thor (~> 0.14)
    fog-aws (1.2.1)
      fog-core (~> 1.38)
      fog-json (~> 1.0)
      fog-xml (~> 0.1)
      ipaddress (~> 0.8)
    fog-core (1.43.0)
      builder
      excon (~> 0.49)
      formatador (~> 0.2)
    fog-json (1.0.2)
      fog-core (~> 1.0)
      multi_json (~> 1.10)
    fog-xml (0.1.2)
      fog-core
      nokogiri (~> 1.5, >= 1.5.11)
    foreman (0.83.0)
      thor (~> 0.19.1)
    formatador (0.2.5)
    get_process_mem (0.2.1)
    globalid (0.3.7)
      activesupport (>= 4.1.0)
    graphiql-rails (1.4.1)
      rails
    graphql (1.5.2)
    griddler (1.4.0)
      htmlentities
      rails (>= 3.2.0)
    griddler-sendgrid (1.0.0)
      griddler
    hashie (3.5.5)
    high_voltage (3.0.0)
    htmlentities (4.3.4)
    http-cookie (1.0.3)
      domain_name (~> 0.5)
    i18n (0.8.1)
    ipaddress (0.8.3)
    js-routes (1.3.3)
      railties (>= 3.2)
      sprockets-rails
    json (2.0.3)
    jwt (1.5.6)
    loofah (2.0.3)
      nokogiri (>= 1.5.9)
    mail (2.6.4)
      mime-types (>= 1.16, < 4)
    mailboxer (0.14.0)
      carrierwave (>= 0.5.8)
      rails (>= 4.2.0)
    mailgun_rails (0.9.0)
      actionmailer (>= 3.2.13)
      json (>= 1.7.7)
      rest-client (>= 1.6.7)
    method_source (0.8.2)
    mime-types (3.1)
      mime-types-data (~> 3.2015)
    mime-types-data (3.2016.0521)
    mini_magick (4.6.1)
    mini_portile2 (2.1.0)
    minitest (5.10.1)
    multi_json (1.12.1)
    multi_xml (0.6.0)
    multipart-post (2.0.0)
    netrc (0.11.0)
    newrelic_rpm (4.0.0.332)
    nio4r (2.0.0)
    nokogiri (1.7.0.1)
      mini_portile2 (~> 2.1.0)
    oauth2 (1.3.1)
      faraday (>= 0.8, < 0.12)
      jwt (~> 1.0)
      multi_json (~> 1.3)
      multi_xml (~> 0.5)
      rack (>= 1.2, < 3)
    octokit (4.6.2)
      sawyer (~> 0.8.0, >= 0.5.3)
    omniauth (1.6.1)
      hashie (>= 3.4.6, < 3.6.0)
      rack (>= 1.6.2, < 3)
    omniauth-github (1.2.3)
      omniauth (~> 1.5)
      omniauth-oauth2 (>= 1.4.0, < 2.0)
    omniauth-google-oauth2 (0.4.1)
      jwt (~> 1.5.2)
      multi_json (~> 1.3)
      omniauth (>= 1.1.1)
      omniauth-oauth2 (>= 1.3.1)
    omniauth-meetup (0.0.8)
      omniauth (~> 1.0)
      omniauth-oauth2 (~> 1.0)
    omniauth-oauth2 (1.4.0)
      oauth2 (~> 1.0)
      omniauth (~> 1.2)
    orm_adapter (0.5.0)
    parser (2.4.0.0)
      ast (~> 2.2)
    pg (0.20.0)
    powerpack (0.1.1)
    pry (0.10.4)
      coderay (~> 1.1.0)
      method_source (~> 0.8.1)
      slop (~> 3.4)
    pry-rails (0.3.5)
      pry (>= 0.9.10)
    public_suffix (2.0.5)
    puma (3.8.2)
    puma_worker_killer (0.0.7)
      get_process_mem (~> 0.2)
      puma (>= 2.7, < 4)
    que (0.12.1)
    rack (2.0.1)
    rack-attack (5.0.1)
      rack
    rack-cors (0.4.1)
    rack-test (0.6.3)
      rack (>= 1.0)
    rails (5.1.0.beta1)
      actioncable (= 5.1.0.beta1)
      actionmailer (= 5.1.0.beta1)
      actionpack (= 5.1.0.beta1)
      actionview (= 5.1.0.beta1)
      activejob (= 5.1.0.beta1)
      activemodel (= 5.1.0.beta1)
      activerecord (= 5.1.0.beta1)
      activesupport (= 5.1.0.beta1)
      bundler (>= 1.3.0, < 2.0)
      railties (= 5.1.0.beta1)
      sprockets-rails (>= 2.0.0)
    rails-dom-testing (2.0.2)
      activesupport (>= 4.2.0, < 6.0)
      nokogiri (~> 1.6)
    rails-html-sanitizer (1.0.3)
      loofah (~> 2.0)
    rails_12factor (0.0.3)
      rails_serve_static_assets
      rails_stdout_logging
    rails_serve_static_assets (0.0.5)
    rails_stdout_logging (0.0.5)
    railties (5.1.0.beta1)
      actionpack (= 5.1.0.beta1)
      activesupport (= 5.1.0.beta1)
      method_source
      rake (>= 0.8.7)
      thor (>= 0.18.1, < 2.0)
    rainbow (2.2.1)
    rake (12.0.0)
    redis (3.3.3)
    redis-namespace (1.5.3)
      redis (~> 3.0, >= 3.0.4)
    redis-objects (1.3.0)
      redis (~> 3.3)
    responders (2.3.0)
      railties (>= 4.2.0, < 5.1)
    rest-client (2.0.1)
      http-cookie (>= 1.0.2, < 2.0)
      mime-types (>= 1.16, < 4.0)
      netrc (~> 0.8)
    rubocop (0.47.1)
      parser (>= 2.3.3.1, < 3.0)
      powerpack (~> 0.1)
      rainbow (>= 1.99.1, < 3.0)
      ruby-progressbar (~> 1.7)
      unicode-display_width (~> 1.0, >= 1.0.1)
    ruby-progressbar (1.8.1)
    sass (3.4.23)
    sass-rails (5.0.6)
      railties (>= 4.0.0, < 6)
      sass (~> 3.1)
      sprockets (>= 2.8, < 4.0)
      sprockets-rails (>= 2.0, < 4.0)
      tilt (>= 1.1, < 3)
    sawyer (0.8.1)
      addressable (>= 2.3.5, < 2.6)
      faraday (~> 0.8, < 1.0)
    sentry-raven (2.4.0)
      faraday (>= 0.7.6, < 1.0)
    slop (3.6.0)
    spring (2.0.1)
      activesupport (>= 4.2)
    sprockets (3.7.1)
      concurrent-ruby (~> 1.0)
      rack (> 1, < 3)
    sprockets-rails (3.2.0)
      actionpack (>= 4.0)
      activesupport (>= 4.0)
      sprockets (>= 3.0.0)
    thor (0.19.4)
    thread_safe (0.3.6)
    tilt (2.0.6)
    turbolinks (5.0.1)
      turbolinks-source (~> 5)
    turbolinks-source (5.0.0)
    typhoeus (1.1.2)
      ethon (>= 0.9.0)
    tzinfo (1.2.2)
      thread_safe (~> 0.1)
    uglifier (3.1.8)
      execjs (>= 0.3.0, < 3)
    unf (0.1.4)
      unf_ext
    unf_ext (0.0.7.2)
    unicode-display_width (1.1.3)
    warden (1.2.7)
      rack (>= 1.0)
    websocket-driver (0.6.5)
      websocket-extensions (>= 0.1.0)
    websocket-extensions (0.1.2)

PLATFORMS
  ruby

DEPENDENCIES
  awesome_print
  carrierwave!
  connection_pool
  dalli
  devise
  faraday
  figaro
  fog-aws
  foreman
  graphiql-rails
  graphql
  griddler
  griddler-sendgrid
  heroku-deflater!
  high_voltage (~> 3.0.0)
  js-routes
  jwt
  mailboxer
  mailgun_rails
  mini_magick
  newrelic_rpm
  octokit
  omniauth-github
  omniauth-google-oauth2
  omniauth-linkedin-oauth2!
  omniauth-medium!
  omniauth-meetup
  omniauth-producthunt!
  omniauth-stackexchange!
  pg
  pry-rails
  puma
  puma_worker_killer
  que
  rack-attack
  rack-cors
  rails (>= 5.0.x)
  rails_12factor
  redis-namespace
  redis-objects
  rubocop
  sass-rails (~> 5.0)
  sentry-raven
  spring
  turbolinks (~> 5.0.x)
  typhoeus
  uglifier (>= 1.3.0)

RUBY VERSION
   ruby 2.2.5p319

BUNDLED WITH
   1.13.6
